GEM
  remote: https://rubygems.org/
  specs:
    coderay (1.1.1)
    concurrent-ruby (1.0.5)
    enumerable-lazy (0.0.2)
    haml (5.0.4)
      temple (>= 0.8.0)
      tilt
    i18n (0.9.0)
      concurrent-ruby (~> 1.0)
    mail (2.7.0)
      mini_mime (>= 0.1.1)
    method_source (0.8.2)
    mime-types (2.99.3)
    mini_mime (0.1.4)
    mustermann (1.0.2)
    mustermann19 (0.4.4)
      enumerable-lazy
    padrino-core (0.14.1.1)
      mustermann19
      padrino-support (= 0.14.1.1)
      rack-protection (>= 1.5.0)
      sinatra (>= 1.4.6)
      thor (~> 0.18)
    padrino-helpers (0.14.1.1)
      i18n (~> 0.6, >= 0.6.7)
      padrino-support (= 0.14.1.1)
      tilt (>= 1.4.1, < 3)
    padrino-mailer (0.14.1.1)
      mail (~> 2.5)
      mime-types (< 3)
      padrino-core (= 0.14.1.1)
    padrino-support (0.14.1.1)
    pry (0.10.4)
      coderay (~> 1.1.0)
      method_source (~> 0.8.1)
      slop (~> 3.4)
    rack (2.0.4)
    rack-protection (2.0.1)
      rack
    sinatra (2.0.1)
      mustermann (~> 1.0)
      rack (~> 2.0)
      rack-protection (= 2.0.1)
      tilt (~> 2.0)
    slop (3.6.0)
    temple (0.8.0)
    thor (0.20.0)
    tilt (2.0.8)

PLATFORMS
  ruby

DEPENDENCIES
  haml
  padrino-helpers
  padrino-mailer
  pry
  sinatra (~> 2.0.1)

BUNDLED WITH
   1.16.0.pre.3
